GEM
  remote: http://rubygems.org/
  specs:
    activesupport (3.2.13)
      i18n (= 0.6.1)
      multi_json (~> 1.0)
    addressable (2.3.5)
    bio (1.4.3.0001)
    builder (3.2.2)
    color (1.4.2)
    cucumber (1.3.8)
      builder (>= 2.1.2)
      diff-lcs (>= 1.1.3)
      gherkin (~> 2.12.1)
      multi_json (>= 1.7.5, < 2.0)
      multi_test (>= 0.0.2)
    diff-lcs (1.2.4)
    faraday (0.8.8)
      multipart-post (~> 1.2.0)
    fastercsv (1.5.5)
    gherkin (2.12.1-java)
      multi_json (~> 1.3)
    git (1.2.6)
    github_api (0.10.1)
      addressable
      faraday (~> 0.8.1)
      hashie (>= 1.2)
      multi_json (~> 1.4)
      nokogiri (~> 1.5.2)
      oauth2
    hashie (2.0.5)
    highline (1.6.19)
    httpauth (0.2.0)
    i18n (0.6.1)
    jbundler (0.4.3)
      maven-tools (~> 0.32.1)
      ruby-maven (~> 3.0.4)
    jeweler (1.8.7)
      builder
      bundler (~> 1.0)
      git (>= 1.2.5)
      github_api (= 0.10.1)
      highline (>= 1.6.15)
      nokogiri (= 1.5.10)
      rake
      rdoc
    json (1.8.0-java)
    jwt (0.1.8)
      multi_json (>= 1.5)
    maven-tools (0.32.5)
    multi_json (1.8.0)
    multi_test (0.0.2)
    multi_xml (0.5.5)
    multipart-post (1.2.0)
    nokogiri (1.5.10-java)
    oauth2 (0.9.2)
      faraday (~> 0.8)
      httpauth (~> 0.2)
      jwt (~> 0.1.4)
      multi_json (~> 1.0)
      multi_xml (~> 0.5)
      rack (~> 1.2)
    pdf-writer (1.1.8)
      color (>= 1.4.0)
      transaction-simple (~> 1.3)
    rack (1.5.2)
    rake (10.1.0)
    rdoc (3.12.2)
      json (~> 1.4)
    rspec (2.14.1)
      rspec-core (~> 2.14.0)
      rspec-expectations (~> 2.14.0)
      rspec-mocks (~> 2.14.0)
    rspec-core (2.14.5)
    rspec-expectations (2.14.2)
      diff-lcs (>= 1.1.3, < 2.0)
    rspec-mocks (2.14.3)
    ruby-maven (3.0.4.1.4)
      maven-tools (~> 0.32.3)
      thor (>= 0.14.6, < 2.0)
    ruport (1.6.3)
      fastercsv
      pdf-writer (= 1.1.8)
    shoulda (3.5.0)
      shoulda-context (~> 1.0, >= 1.0.1)
      shoulda-matchers (>= 1.4.1, < 3.0)
    shoulda-context (1.1.5)
    shoulda-matchers (2.3.0)
      activesupport (>= 3.0.0)
    simplecov (0.7.1)
      multi_json (~> 1.0)
      simplecov-html (~> 0.7.1)
    simplecov-html (0.7.1)
    test-unit (2.5.5)
    thor (0.18.1)
    transaction-simple (1.4.0.2)

PLATFORMS
  java

DEPENDENCIES
  activesupport (= 3.2.13)
  bio (>= 1.4.2)
  bundler (~> 1.3.5)
  cucumber
  gherkin
  git
  i18n (= 0.6.1)
  jbundler (= 0.4.3)
  jeweler (~> 1.8.4)
  json
  multi_json
  rake
  rdoc (~> 3.12)
  rspec
  ruport
  shoulda
  simplecov
  test-unit
